GIT
  remote: git://github.com/opscode/omnibus-software.git
  revision: ff864b6b046107972f57c3b4855915ae5c99f6fd
  specs:
    omnibus-software (0.0.1)

GEM
  remote: https://rubygems.org/
  specs:
    addressable (2.3.6)
    arr-pm (0.0.9)
      cabin (> 0)
    backports (3.6.0)
    cabin (0.6.1)
    childprocess (0.5.2)
      ffi (~> 1.0, >= 1.0.11)
    clamp (0.6.3)
    ffi (1.9.3)
    ffi (1.9.3-x86-mingw32)
    fpm (1.0.2)
      arr-pm (~> 0.0.8)
      backports (>= 2.6.2)
      cabin (>= 0.6.0)
      childprocess
      clamp (~> 0.6)
      ffi
      ftw (~> 0.0.30)
      json (>= 1.7.7)
    ftw (0.0.39)
      addressable
      backports (>= 2.6.2)
      cabin (> 0)
      http_parser.rb (= 0.5.3)
    http_parser.rb (0.5.3)
    http_parser.rb (0.5.3-x86-mingw32)
    ipaddress (0.8.0)
    json (1.8.1)
    mime-types (1.25.1)
    mixlib-cli (1.4.0)
    mixlib-config (2.1.0)
    mixlib-log (1.6.0)
    mixlib-shellout (1.4.0)
    mixlib-shellout (1.4.0-x86-mingw32)
      win32-process (~> 0.7.1)
      windows-pr (~> 1.2.2)
    ohai (6.22.0)
      ipaddress
      mixlib-cli
      mixlib-config
      mixlib-log
      mixlib-shellout
      systemu (~> 2.5.2)
      yajl-ruby
    omnibus (2.0.1)
      fpm (~> 1.0.0)
      mixlib-config (~> 2.1)
      mixlib-shellout (~> 1.3)
      ohai (~> 6.12)
      rake
      thor (>= 0.16.0)
      uber-s3
    rake (10.2.2)
    systemu (2.5.2)
    thor (0.19.1)
    uber-s3 (0.2.4)
      mime-types (~> 1.17)
    win32-api (1.5.1-x86-mingw32)
    win32-process (0.7.4)
      ffi (>= 1.0.0)
    windows-api (0.4.2)
      win32-api (>= 1.4.5)
    windows-pr (1.2.3)
      win32-api (>= 1.4.5)
      windows-api (>= 0.4.0)
    yajl-ruby (1.2.0)

PLATFORMS
  ruby
  x86-mingw32

DEPENDENCIES
  omnibus (~> 2.0.1)
  omnibus-software!
